GEM
  remote: https://rubygems.org/
  specs:
    bson (1.9.0)
    bson_ext (1.9.0)
      bson (~> 1.9.0)
    mongo (1.9.0)
      bson (~> 1.9.0)
    mongodb (2.1.0)
      mongo (~> 1.5)

PLATFORMS
  ruby

DEPENDENCIES
  bson_ext
  mongodb
